GIT
  remote: https://github.com/fazibear/colorize
  revision: 6f1b02342b1c6f45648e5203218c466dc7642125
  ref: 6f1b02342b1c6f45648e5203218c466dc7642125
  specs:
    colorize (0.7.3)

GEM
  remote: https://rubygems.org/
  specs:
    ast (2.4.2)
    parallel (1.21.0)
    parser (3.1.1.0)
      ast (~> 2.4.1)
    prettier (2.0.0)
    rainbow (3.1.1)
    regexp_parser (2.2.1)
    rexml (3.2.5)
    rubocop (1.25.1)
      parallel (~> 1.10)
      parser (>= 3.1.0.0)
      rainbow (>= 2.2.2, < 4.0)
      regexp_parser (>= 1.8, < 3.0)
      rexml
      rubocop-ast (>= 1.15.1, < 2.0)
      ruby-progressbar (~> 1.7)
      unicode-display_width (>= 1.4.0, < 3.0)
    rubocop-ast (1.16.0)
      parser (>= 3.1.1.0)
    ruby-progressbar (1.11.0)
    unicode-display_width (2.1.0)

PLATFORMS
  x86-mingw32
  x86_64-linux

DEPENDENCIES
  colorize!
  prettier (~> 2.0)
  rubocop (>= 1.0, < 2.0)

BUNDLED WITH
   2.3.7
